GEM
  remote: http://rubygems.org/
  specs:
    diff-lcs (1.1.3)
    facter (1.6.10)
    ffi (1.0.11)
    guard (1.2.1)
      listen (>= 0.4.2)
      thor (>= 0.14.6)
    guard-rspec (1.1.0)
      guard (>= 1.1)
    guard-shell (0.5.1)
      guard (>= 1.1.0)
    libnotify (0.7.4)
      ffi (~> 1.0.11)
    listen (0.4.6)
      rb-fchange (~> 0.0.5)
      rb-fsevent (~> 0.9.1)
      rb-inotify (~> 0.8.8)
    metaclass (0.0.1)
    mocha (0.12.2)
      metaclass (~> 0.0.1)
    puppet (2.7.14)
      facter (>= 1.5.1)
    puppet-lint (0.1.13)
    puppetlabs_spec_helper (0.2.0)
      mocha (>= 0.10.5)
      rake
      rspec (>= 2.9.0)
      rspec-puppet (>= 0.1.1)
    rake (0.9.2.2)
    rb-fchange (0.0.5)
      ffi
    rb-fsevent (0.9.1)
    rb-inotify (0.8.8)
      ffi (>= 0.5.0)
    rspec (2.10.0)
      rspec-core (~> 2.10.0)
      rspec-expectations (~> 2.10.0)
      rspec-mocks (~> 2.10.0)
    rspec-core (2.10.1)
    rspec-expectations (2.10.0)
      diff-lcs (~> 1.1.3)
    rspec-mocks (2.10.1)
    rspec-puppet (0.1.3)
      rspec
    thor (0.15.3)

PLATFORMS
  ruby

DEPENDENCIES
  guard
  guard-rspec
  guard-shell (>= 0.4.0)
  libnotify
  puppet (>= 2.7)
  puppet-lint
  puppetlabs_spec_helper
  rspec-puppet
